PATH
  remote: .
  specs:
    json_table_format (0.1.0)

GEM
  remote: https://rubygems.org/
  specs:
    ansi (1.5.0)
    builder (3.2.4)
    coderay (1.1.3)
    colorize (0.8.1)
    docile (1.4.0)
    method_source (1.0.0)
    minitest (5.15.0)
    minitest-focus (1.3.1)
      minitest (>= 4, < 6)
    minitest-reporters (1.4.3)
      ansi
      builder
      minitest (>= 5.0)
      ruby-progressbar
    optparse (0.2.0)
    pretty-diffs (1.0.2)
    pry (0.14.1)
      coderay (~> 1.1)
      method_source (~> 1.0)
    rake (12.3.3)
    ruby-progressbar (1.11.0)
    simplecov (0.21.2)
      docile (~> 1.1)
      simplecov-html (~> 0.11)
      simplecov_json_formatter (~> 0.1)
    simplecov-html (0.12.3)
    simplecov_json_formatter (0.1.3)
    thor (1.2.1)

PLATFORMS
  ruby

DEPENDENCIES
  colorize (~> 0.8.1)
  json_table_format!
  minitest (~> 5.0)
  minitest-focus (~> 1.3)
  minitest-reporters (~> 1.4)
  optparse (~> 0.2.0)
  pretty-diffs (~> 1.0)
  pry
  rake (~> 12.0)
  simplecov (~> 0.21.2)
  thor (~> 1.2)

BUNDLED WITH
   2.1.4
